GEM
  specs:
    net-scp (1.1.1)
      net-ssh (>= 2.6.5)
    net-ssh (2.6.7)

PLATFORMS
  ruby

DEPENDENCIES
  net-scp
  net-ssh
